GIT
  remote: git://github.com/sinatra/sinatra.git
  revision: 03c03d7e169954185b008253f8bf2f9068198ca3
  specs:
    sinatra (2.0.0.pre.alpha)
      mustermann (~> 0.4)
      rack (~> 2.0)
      rack-protection (~> 1.5.5)
      tilt (~> 2.0)

GEM
  remote: https://rubygems.org/
  specs:
    chronic (0.10.2)
    domain_name (0.5.20160615)
      unf (>= 0.0.5, < 1.0.0)
    http-cookie (1.0.2)
      domain_name (~> 0.5)
    httparty (0.13.7)
      json (~> 1.8)
      multi_xml (>= 0.5.2)
    json (1.8.3)
    mechanize (2.7.4)
      domain_name (~> 0.5, >= 0.5.1)
      http-cookie (~> 1.0)
      mime-types (>= 1.17.2, < 3)
      net-http-digest_auth (~> 1.1, >= 1.1.1)
      net-http-persistent (~> 2.5, >= 2.5.2)
      nokogiri (~> 1.8.1)
      ntlm-http (~> 0.1, >= 0.1.1)
      webrobots (>= 0.0.9, < 0.2)
    mime-types (2.99.2)
    mini_portile2 (2.1.0)
    multi_xml (0.5.5)
    mustermann (0.4.0)
      tool (~> 0.2)
    net-http-digest_auth (1.4)
    net-http-persistent (2.9.4)
    nokogiri (1.6.8)
      mini_portile2 (~> 2.1.0)
      pkg-config (~> 1.1.7)
    ntlm-http (0.1.1)
    parallel (1.9.0)
    pkg-config (1.1.7)
    puma (3.5.0)
    rack (2.0.1)
    rack-cache (1.6.1)
      rack (>= 0.4)
    rack-contrib (1.2.0)
      rack (>= 0.9.1)
    rack-protection (1.5.3)
      rack
    ruby-mp3info (0.8.9)
    tilt (2.0.5)
    tool (0.2.3)
    unf (0.1.4)
      unf_ext
    unf_ext (0.0.7.2)
    webrobots (0.1.2)

PLATFORMS
  ruby
  x86_64-Linux

DEPENDENCIES
  chronic
  httparty
  mechanize
  nokogiri
  parallel
  puma
  rack
  rack-cache
  rack-contrib
  ruby-mp3info
  sinatra!

BUNDLED WITH
   1.12.5
